PATH
  remote: .
  specs:
    mlb_terminal (0.0.5)
      activesupport (~> 3.2.8)
      chronic (~> 0.8.0)
      colorize (~> 0.7.5)
      commander (~> 4.1.2)
      nokogiri (~> 1.5.5)

GEM
  remote: http://rubygems.org/
  specs:
    activesupport (3.2.8)
      i18n (~> 0.6)
      multi_json (~> 1.0)
    chronic (0.8.0)
    colorize (0.7.5)
    commander (4.1.2)
      highline (~> 1.6.11)
    highline (1.6.15)
    i18n (0.6.1)
    multi_json (1.3.6)
    nokogiri (1.5.5)

PLATFORMS
  ruby

DEPENDENCIES
  mlb_terminal!
